{
    "Modality": "MR",
    "MagneticFieldStrength": 3,
    "ImagingFrequency": 123.244174,
    "Manufacturer": "Siemens",
    "ManufacturersModelName": "Prisma",
    "InstitutionName": "WUSTL_bay1",
    "InstitutionalDepartmentName": "Research",
    "InstitutionAddress": "Scott St. 4525,St. Louis,Missouri,US,63110",
    "DeviceSerialNumber": "166158",
    "StationName": "AWP166158",
    "BodyPartExamined": "BRAIN",
    "PatientPosition": "HFS",
    "ProcedureStepDescription": "HEAD^Laumann",
    "SoftwareVersions": "syngo MR E11",
    "MRAcquisitionType": "3D",
    "SeriesDescription": "T1w_MPR_vNav_woNav_2e_0.5mm",
    "ProtocolName": "T1w_MPR_vNav_woNav_2e_0.5mm",
    "ScanningSequence": "GR\\IR",
    "SequenceVariant": "SK\\SP\\MP",
    "ScanOptions": "IR\\WE",
    "SequenceName": "tfl3d2_16ns",
    "ImageType": [
        "ORIGINAL",
        "PRIMARY",
        "M",
        "ND"
    ],
    "NonlinearGradientCorrection": false,
    "SeriesNumber": 31,
    "AcquisitionTime": "18:37:22.380000",
    "AcquisitionNumber": 1,
    "SliceThickness": 0.5,
    "SAR": 0.0251353,
    "EchoNumber": 2,
    "EchoTime": 0.00833,
    "RepetitionTime": 3.68,
    "SpoilingState": true,
    "InversionTime": 1.5,
    "FlipAngle": 8,
    "PartialFourier": 1,
    "BaseResolution": 512,
    "ShimSetting": [
        4630,
        -7159,
        197,
        171,
        -49,
        -321,
        8,
        44
    ],
    "TxRefAmp": 256.053,
    "PhaseResolution": 1,
    "ReceiveCoilName": "HeadNeck_64",
    "ReceiveCoilActiveElements": "HC1-7;NC1,2",
    "PulseSequenceDetails": "%CustomerSeq%\\tfl_mgh_epinav_ABCD",
    "WipMemBlock": "Prisma_epi_moco_navigator_ABCD_tfl.prot",
    "RefLinesPE": 32,
    "CoilCombinationMethod": "Adaptive Combine",
    "ConsistencyInfo": "N4_VE11C_LATEST_20160120",
    "MatrixCoilMode": "GRAPPA",
    "PercentPhaseFOV": 93.75,
    "PercentSampling": 100,
    "PhaseEncodingSteps": 479,
    "AcquisitionMatrixPE": 480,
    "ReconMatrixPE": 480,
    "ParallelReductionFactorInPlane": 2,
    "PixelBandwidth": 220,
    "DwellTime": 4.4e-06,
    "ImageOrientationPatientDICOM": [
        0.0565185,
        0.919195,
        -0.389726,
        -0.00812058,
        -0.389913,
        -0.920816
    ],
    "ImageOrientationText": "Sag>Cor(3.2)>Tra(-0.8)",
    "InPlanePhaseEncodingDirectionDICOM": "ROW",
    "ConversionSoftware": "dcm2niix",
    "ConversionSoftwareVersion": "v1.0.20230411",
    "Dcm2bidsVersion": "2.1.6"
}